STORAGE: NONE
RESTRICTION: == net5.0
NUGET
  remote: https://api.nuget.org/v3/index.json
    FSharp.Core (5.0.2)
    Giraffe (5.0)
      FSharp.Core (>= 5.0)
      Giraffe.ViewEngine (>= 1.3)
      Microsoft.IO.RecyclableMemoryStream (>= 1.3.6)
      Newtonsoft.Json (>= 12.0.3)
      Ply (>= 0.3.1)
      System.Text.Json (>= 5.0.2)
      Utf8Json (>= 1.3.7)
    Giraffe.ViewEngine (1.4)
      FSharp.Core (>= 5.0)
    Microsoft.AspNetCore.Authentication.JwtBearer (5.0.10)
      Microsoft.IdentityModel.Protocols.OpenIdConnect (>= 6.7.1)
    Microsoft.CSharp (4.7)
    Microsoft.IdentityModel.JsonWebTokens (6.12.2)
      Microsoft.IdentityModel.Tokens (>= 6.12.2)
    Microsoft.IdentityModel.Logging (6.12.2)
    Microsoft.IdentityModel.Protocols (6.12.2)
      Microsoft.IdentityModel.Logging (>= 6.12.2)
      Microsoft.IdentityModel.Tokens (>= 6.12.2)
    Microsoft.IdentityModel.Protocols.OpenIdConnect (6.12.2)
      Microsoft.IdentityModel.Protocols (>= 6.12.2)
      System.IdentityModel.Tokens.Jwt (>= 6.12.2)
    Microsoft.IdentityModel.Tokens (6.12.2)
      Microsoft.CSharp (>= 4.5)
      Microsoft.IdentityModel.Logging (>= 6.12.2)
      System.Security.Cryptography.Cng (>= 4.5)
    Microsoft.IO.RecyclableMemoryStream (2.1.3)
    Newtonsoft.Json (12.0.3)
    Ply (0.3.1)
      FSharp.Core (>= 4.6.2)
      System.Threading.Tasks.Extensions (>= 4.5.4)
    System.Formats.Asn1 (5.0)
    System.IdentityModel.Tokens.Jwt (6.12.2)
      Microsoft.IdentityModel.JsonWebTokens (>= 6.12.2)
      Microsoft.IdentityModel.Tokens (>= 6.12.2)
    System.Reflection.Emit (4.7)
    System.Reflection.Emit.Lightweight (4.7)
    System.Security.Cryptography.Cng (5.0)
      System.Formats.Asn1 (>= 5.0)
    System.Text.Json (5.0.2)
    System.Threading.Tasks.Extensions (4.5.4)
    System.ValueTuple (4.5)
    Utf8Json (1.3.7)
      System.Reflection.Emit (>= 4.3)
      System.Reflection.Emit.Lightweight (>= 4.3)
      System.Threading.Tasks.Extensions (>= 4.4)
      System.ValueTuple (>= 4.4)
